GEM
  remote: http://rubygems.org/
  specs:
    barge (0.11.0)
      faraday (~> 0.9)
      faraday_middleware (~> 0.9)
      hashie (~> 3.3)
    faraday (0.9.0)
      multipart-post (>= 1.2, < 3)
    faraday_middleware (0.9.1)
      faraday (>= 0.7.4, < 0.10)
    hashie (3.3.2)
    multipart-post (2.0.0)
    net-ssh (2.9.1)
    redis (3.0.2)
    thor (0.19.1)

PLATFORMS
  ruby

DEPENDENCIES
  barge
  net-ssh
  redis
  thor
